GIT
  remote: git://github.com/bfoz/geometry.git
  revision: 3054ccba59f184c172be52a6f0b7cf4a33f617a5
  ref: 3054ccba59f184c172be52a6f0b7cf4a33f617a5
  specs:
    geometry (6.5)

GIT
  remote: git://github.com/bfoz/sketch.git
  revision: 1f7977e3f93d801a6a970e74508510055ed2e12e
  ref: 1f7977e3f93d801a6a970e74508510055ed2e12e
  specs:
    sketch (0.4)
      geometry (~> 6.4)

GIT
  remote: git://github.com/bfoz/units-ruby.git
  revision: e198cdb4e6978676b9e131ff8540b44aa7f57595
  ref: e198cdb4e6978676b9e131ff8540b44aa7f57595
  specs:
    units (3.0.1)

PATH
  remote: .
  specs:
    dxf (0.3.1)

GEM
  remote: https://rubygems.org/
  specs:
    minitest (5.9.0)
    rake (11.2.2)

PLATFORMS
  ruby

DEPENDENCIES
  dxf!
  geometry!
  minitest
  rake
  sketch!
  units!

BUNDLED WITH
   1.17.3
