PATH
  remote: .
  specs:
    dxf (0.3.1)
      geometry (~> 6.4)

GEM
  remote: https://rubygems.org/
  specs:
    geometry (6.5)
    minitest (5.9.0)
    rake (11.2.2)

PLATFORMS
  ruby

DEPENDENCIES
  dxf!
  minitest
  rake

BUNDLED WITH
   1.12.5
