GIT
  remote: git://github.com/netizer/geometry.git
  revision: 493c43076f45b6888ac9f99f1e9018c2a5073de8
  specs:
    geometry (6.5)

PATH
  remote: .
  specs:
    dxf (0.3.1)

GEM
  remote: https://rubygems.org/
  specs:
    minitest (5.9.0)
    rake (11.2.2)

PLATFORMS
  ruby

DEPENDENCIES
  dxf!
  geometry!
  minitest
  rake

BUNDLED WITH
   1.16.0
